GEM
  remote: http://rubygems.org/
  specs:
    RedCloth (4.2.9)
    blankslate (2.1.2.4)
    celluloid (0.15.2)
      timers (~> 1.1.0)
    chunky_png (1.3.1)
    classifier (1.3.4)
      fast-stemmer (>= 1.0.0)
    coffee-script (2.3.0)
      coffee-script-source
      execjs
    coffee-script-source (1.7.1)
    colorator (0.1)
    compass (0.12.7)
      chunky_png (~> 1.2)
      fssm (>= 0.2.7)
      sass (~> 3.2.19)
    execjs (2.2.1)
    fast-stemmer (1.0.2)
    ffi (1.9.3)
    fssm (0.2.10)
    haml (3.1.7)
    jekyll (2.0.3)
      classifier (~> 1.3)
      colorator (~> 0.1)
      jekyll-coffeescript (~> 1.0)
      jekyll-sass-converter (~> 1.0)
      kramdown (~> 1.3)
      liquid (~> 2.5.5)
      listen (~> 2.5)
      mercenary (~> 0.3.3)
      pygments.rb (~> 0.5.0)
      redcarpet (~> 3.1)
      safe_yaml (~> 1.0)
      toml (~> 0.1.0)
    jekyll-coffeescript (1.0.0)
      coffee-script (~> 2.2)
    jekyll-sass-converter (1.2.0)
      sass (~> 3.2)
    kramdown (1.4.1)
    liquid (2.5.5)
    listen (2.7.9)
      celluloid (>= 0.15.2)
      rb-fsevent (>= 0.9.3)
      rb-inotify (>= 0.9)
    mercenary (0.3.4)
    parslet (1.5.0)
      blankslate (~> 2.0)
    posix-spawn (0.3.9)
    pygments.rb (0.5.4)
      posix-spawn (~> 0.3.6)
      yajl-ruby (~> 1.1.0)
    rack (1.4.1)
    rack-protection (1.3.2)
      rack
    rake (0.9.2.2)
    rb-fsevent (0.9.4)
    rb-inotify (0.9.5)
      ffi (>= 0.5.0)
    rdiscount (1.6.8)
    redcarpet (3.1.2)
    rubypants (0.2.0)
    safe_yaml (1.0.3)
    sass (3.2.19)
    sinatra (1.3.3)
      rack (~> 1.3, >= 1.3.6)
      rack-protection (~> 1.2)
      tilt (~> 1.3, >= 1.3.3)
    stringex (1.4.0)
    tilt (1.3.3)
    timers (1.1.0)
    toml (0.1.1)
      parslet (~> 1.5.0)
    yajl-ruby (1.1.0)

PLATFORMS
  ruby

DEPENDENCIES
  RedCloth (~> 4.2.9)
  compass (~> 0.12.7)
  haml (~> 3.1.7)
  jekyll (~> 2.0)
  liquid (~> 2.5.5)
  pygments.rb (~> 0.5.0)
  rack (~> 1.4.1)
  rake (~> 0.9)
  rb-fsevent (~> 0.9.3)
  rdiscount (~> 1.6.8)
  rubypants (~> 0.2.0)
  sinatra (~> 1.3.3)
  stringex (~> 1.4.0)
